GEM
  remote: https://rubygems.org/
  specs:
    addressable (2.3.6)
    excon (0.39.4)
    heroku (2.41.0)
      heroku-api (~> 0.3.7)
      launchy (>= 0.3.2)
      netrc (~> 0.7.7)
      rest-client (~> 1.6.1)
      rubyzip
    heroku-api (0.3.19)
      excon (~> 0.38)
      multi_json (~> 1.8)
    json (1.8.1)
    launchy (2.4.2)
      addressable (~> 2.3)
    mime-types (1.25.1)
    multi_json (1.10.1)
    multipart-post (1.2.0)
    netrc (0.7.7)
    rake (10.3.2)
    rdoc (4.1.1)
      json (~> 1.4)
    rest-client (1.6.8)
      mime-types (~> 1.16)
      rdoc (>= 2.4.2)
    rubyzip (1.1.6)
    thor (0.14.6)
    vulcan (0.8.2)
      heroku (>= 2.26.0, < 3.0)
      multipart-post (~> 1.2.0)
      rest-client (~> 1.6.7)
      thor (~> 0.14.6)

PLATFORMS
  ruby

DEPENDENCIES
  rake
  vulcan
